GEM
  remote: https://rubygems.org/
  specs:
    coderay (1.1.0)
    docile (1.1.5)
    faker (1.4.3)
      i18n (~> 0.5)
    i18n (0.7.0)
    method_source (0.8.2)
    multi_json (1.11.0)
    pry (0.10.1)
      coderay (~> 1.1.0)
      method_source (~> 0.8.1)
      slop (~> 3.4)
    simplecov (0.9.2)
      docile (~> 1.1.0)
      multi_json (~> 1.0)
      simplecov-html (~> 0.9.0)
    simplecov-html (0.9.0)
    slop (3.6.0)
    strftime (1.0.0)

PLATFORMS
  ruby

DEPENDENCIES
  faker
  pry
  simplecov
  strftime
